GEM
  remote: http://rubygems.org/
  specs:
    fitgem (0.5.2)
      oauth
    oauth (0.4.7)

PLATFORMS
  ruby

DEPENDENCIES
  fitgem
