GEM
  remote: http://rubygems.org/
  specs:
    daemons (1.1.9)
    fitgem (0.5.2)
      oauth
    oauth (0.4.7)

PLATFORMS
  ruby

DEPENDENCIES
  daemons
  fitgem
